GEM
  remote: https://rubygems.org/
  specs:
    Ascii85 (1.0.3)
    actioncable (6.1.0.rc1)
      actionpack (= 6.1.0.rc1)
      activesupport (= 6.1.0.rc1)
      nio4r (~> 2.0)
      websocket-driver (>= 0.6.1)
    actionmailbox (6.1.0.rc1)
      actionpack (= 6.1.0.rc1)
      activejob (= 6.1.0.rc1)
      activerecord (= 6.1.0.rc1)
      activestorage (= 6.1.0.rc1)
      activesupport (= 6.1.0.rc1)
      mail (>= 2.7.1)
    actionmailer (6.1.0.rc1)
      actionpack (= 6.1.0.rc1)
      actionview (= 6.1.0.rc1)
      activejob (= 6.1.0.rc1)
      activesupport (= 6.1.0.rc1)
      mail (~> 2.5, >= 2.5.4)
      rails-dom-testing (~> 2.0)
    actionpack (6.1.0.rc1)
      actionview (= 6.1.0.rc1)
      activesupport (= 6.1.0.rc1)
      rack (~> 2.0, >= 2.0.9)
      rack-test (>= 0.6.3)
      rails-dom-testing (~> 2.0)
      rails-html-sanitizer (~> 1.0, >= 1.2.0)
    actiontext (6.1.0.rc1)
      actionpack (= 6.1.0.rc1)
      activerecord (= 6.1.0.rc1)
      activestorage (= 6.1.0.rc1)
      activesupport (= 6.1.0.rc1)
      nokogiri (>= 1.8.5)
    actionview (6.1.0.rc1)
      activesupport (= 6.1.0.rc1)
      builder (~> 3.1)
      erubi (~> 1.4)
      rails-dom-testing (~> 2.0)
      rails-html-sanitizer (~> 1.1, >= 1.2.0)
    activejob (6.1.0.rc1)
      activesupport (= 6.1.0.rc1)
      globalid (>= 0.3.6)
    activemodel (6.1.0.rc1)
      activesupport (= 6.1.0.rc1)
    activerecord (6.1.0.rc1)
      activemodel (= 6.1.0.rc1)
      activesupport (= 6.1.0.rc1)
    activestorage (6.1.0.rc1)
      actionpack (= 6.1.0.rc1)
      activejob (= 6.1.0.rc1)
      activerecord (= 6.1.0.rc1)
      activesupport (= 6.1.0.rc1)
      marcel (~> 0.3.1)
      mimemagic (~> 0.3.2)
    activesupport (6.1.0.rc1)
      concurrent-ruby (~> 1.0, >= 1.0.2)
      i18n (>= 1.6, < 2)
      minitest (>= 5.1)
      tzinfo (~> 2.0)
      zeitwerk (~> 2.3)
    addressable (2.7.0)
      public_suffix (>= 2.0.2, < 5.0)
    afm (0.2.2)
    airbrussh (1.4.0)
      sshkit (>= 1.6.1, != 1.7.0)
    bcrypt (3.1.16)
    better_errors (2.9.1)
      coderay (>= 1.0.0)
      erubi (>= 1.0.0)
      rack (>= 0.9.0)
    binding_of_caller (0.8.0)
      debug_inspector (>= 0.0.1)
    bootsnap (1.5.1)
      msgpack (~> 1.0)
    builder (3.2.4)
    byebug (11.1.3)
    capistrano (3.14.1)
      airbrussh (>= 1.0.0)
      i18n
      rake (>= 10.0.0)
      sshkit (>= 1.9.0)
    capistrano-bundler (2.0.1)
      capistrano (~> 3.1)
    capistrano-rails (1.6.1)
      capistrano (~> 3.1)
      capistrano-bundler (>= 1.1, < 3)
    capistrano-rvm (0.1.2)
      capistrano (~> 3.0)
      sshkit (~> 1.2)
    capistrano3-puma (1.2.1)
      capistrano (~> 3.0)
      puma (>= 2.6)
    capybara (3.33.0)
      addressable
      mini_mime (>= 0.1.3)
      nokogiri (~> 1.8)
      rack (>= 1.6.0)
      rack-test (>= 0.6.3)
      regexp_parser (~> 1.5)
      xpath (~> 3.2)
    capybara-choices (0.1.0)
    childprocess (3.0.0)
    coderay (1.1.3)
    combine_pdf (1.0.19)
      ruby-rc4 (>= 0.1.5)
    concurrent-ruby (1.1.7)
    crack (0.4.4)
    crass (1.0.6)
    database_cleaner (1.8.5)
    debug_inspector (0.0.3)
    diff-lcs (1.4.4)
    docile (1.3.2)
    erubi (1.10.0)
    factory_bot (6.1.0)
      activesupport (>= 5.0.0)
    factory_bot_rails (6.1.0)
      factory_bot (~> 6.1.0)
      railties (>= 5.0.0)
    faraday (1.1.0)
      multipart-post (>= 1.2, < 3)
      ruby2_keywords
    ffi (1.13.1)
    geocoder (1.6.4)
    globalid (0.4.2)
      activesupport (>= 4.2.0)
    hashdiff (1.0.1)
    hashery (2.1.2)
    hashie (4.1.0)
    i18n (1.8.5)
      concurrent-ruby (~> 1.0)
    indefinite_article (0.2.4)
      activesupport
    jbuilder (2.10.1)
      activesupport (>= 5.0.0)
    json (2.3.1)
    jwt (2.2.2)
    listen (3.3.1)
      rb-fsevent (~> 0.10, >= 0.10.3)
      rb-inotify (~> 0.9, >= 0.9.10)
    loofah (2.7.0)
      crass (~> 1.0.2)
      nokogiri (>= 1.5.9)
    mail (2.7.1)
      mini_mime (>= 0.1.1)
    marcel (0.3.3)
      mimemagic (~> 0.3.2)
    method_source (1.0.0)
    mimemagic (0.3.5)
    mini_mime (1.0.2)
    mini_portile2 (2.4.0)
    minitest (5.14.2)
    msgpack (1.3.3)
    multi_json (1.15.0)
    multi_xml (0.6.0)
    multipart-post (2.1.1)
    net-scp (3.0.0)
      net-ssh (>= 2.6.5, < 7.0.0)
    net-ssh (6.1.0)
    nio4r (2.5.4)
    nokogiri (1.10.10)
      mini_portile2 (~> 2.4.0)
    numbers_and_words (0.11.8)
      i18n (<= 2)
    oauth2 (1.4.4)
      faraday (>= 0.8, < 2.0)
      jwt (>= 1.0, < 3.0)
      multi_json (~> 1.3)
      multi_xml (~> 0.5)
      rack (>= 1.2, < 3)
    omniauth (1.9.1)
      hashie (>= 3.4.6)
      rack (>= 1.6.2, < 3)
    omniauth-auth0 (2.2.0)
      omniauth-oauth2 (~> 1.5)
    omniauth-oauth2 (1.7.0)
      oauth2 (~> 1.4)
      omniauth (~> 1.9)
    omniauth-rails_csrf_protection (0.1.2)
      actionpack (>= 4.2)
      omniauth (>= 1.3.1)
    pdf-core (0.8.1)
    pdf-inspector (1.3.0)
      pdf-reader (>= 1.0, < 3.0.a)
    pdf-reader (2.4.1)
      Ascii85 (~> 1.0.0)
      afm (~> 0.2.1)
      hashery (~> 2.0)
      ruby-rc4
      ttfunk
    pdfjs_viewer-rails (0.3.1)
      json (> 1.8.4)
      rails (> 4.2.0)
      sass-rails (~> 5.0)
    pg (1.2.3)
    prawn (2.3.0)
      pdf-core (~> 0.8.1)
      ttfunk (~> 1.6)
    prawn-table (0.2.2)
      prawn (>= 1.3.0, < 3.0.0)
    public_suffix (4.0.6)
    puma (5.0.4)
      nio4r (~> 2.0)
    pundit (2.1.0)
      activesupport (>= 3.0.0)
    rack (2.2.3)
    rack-proxy (0.6.5)
      rack
    rack-test (1.1.0)
      rack (>= 1.0, < 3)
    rack_session_access (0.2.0)
      builder (>= 2.0.0)
      rack (>= 1.0.0)
    rails (6.1.0.rc1)
      actioncable (= 6.1.0.rc1)
      actionmailbox (= 6.1.0.rc1)
      actionmailer (= 6.1.0.rc1)
      actionpack (= 6.1.0.rc1)
      actiontext (= 6.1.0.rc1)
      actionview (= 6.1.0.rc1)
      activejob (= 6.1.0.rc1)
      activemodel (= 6.1.0.rc1)
      activerecord (= 6.1.0.rc1)
      activestorage (= 6.1.0.rc1)
      activesupport (= 6.1.0.rc1)
      bundler (>= 1.15.0)
      railties (= 6.1.0.rc1)
      sprockets-rails (>= 2.0.0)
    rails-dom-testing (2.0.3)
      activesupport (>= 4.2.0)
      nokogiri (>= 1.6)
    rails-html-sanitizer (1.3.0)
      loofah (~> 2.3)
    railties (6.1.0.rc1)
      actionpack (= 6.1.0.rc1)
      activesupport (= 6.1.0.rc1)
      method_source
      rake (>= 0.8.7)
      thor (~> 1.0)
    rake (13.0.1)
    rb-fsevent (0.10.4)
    rb-inotify (0.10.1)
      ffi (~> 1.0)
    regexp_parser (1.8.2)
    remotipart (1.4.4)
    rspec-core (3.10.0)
      rspec-support (~> 3.10.0)
    rspec-expectations (3.10.0)
      diff-lcs (>= 1.2.0, < 2.0)
      rspec-support (~> 3.10.0)
    rspec-mocks (3.10.0)
      diff-lcs (>= 1.2.0, < 2.0)
      rspec-support (~> 3.10.0)
    rspec-rails (4.0.1)
      actionpack (>= 4.2)
      activesupport (>= 4.2)
      railties (>= 4.2)
      rspec-core (~> 3.9)
      rspec-expectations (~> 3.9)
      rspec-mocks (~> 3.9)
      rspec-support (~> 3.9)
    rspec-retry (0.6.2)
      rspec-core (> 3.3)
    rspec-support (3.10.0)
    ruby-rc4 (0.1.5)
    ruby2_keywords (0.0.2)
    rubyzip (2.3.0)
    sass (3.7.4)
      sass-listen (~> 4.0.0)
    sass-listen (4.0.0)
      rb-fsevent (~> 0.9, >= 0.9.4)
      rb-inotify (~> 0.9, >= 0.9.7)
    sass-rails (5.1.0)
      railties (>= 5.2.0)
      sass (~> 3.1)
      sprockets (>= 2.8, < 4.0)
      sprockets-rails (>= 2.0, < 4.0)
      tilt (>= 1.1, < 3)
    sassc (2.4.0)
      ffi (~> 1.9)
    sassc-rails (2.1.2)
      railties (>= 4.0.0)
      sassc (>= 2.0)
      sprockets (> 3.0)
      sprockets-rails
      tilt
    selenium-webdriver (3.142.7)
      childprocess (>= 0.5, < 4.0)
      rubyzip (>= 1.2.2)
    semantic_range (2.3.0)
    simplecov (0.19.1)
      docile (~> 1.1)
      simplecov-html (~> 0.11)
    simplecov-html (0.12.3)
    sprockets (3.7.2)
      concurrent-ruby (~> 1.0)
      rack (> 1, < 3)
    sprockets-rails (3.2.2)
      actionpack (>= 4.0)
      activesupport (>= 4.0)
      sprockets (>= 3.0.0)
    squid (1.4.1)
      activesupport (>= 4.0)
      prawn (~> 2.2)
    sshkit (1.21.0)
      net-scp (>= 1.1.2)
      net-ssh (>= 2.8.0)
    thor (1.0.1)
    tilt (2.0.10)
    ttfunk (1.6.2.1)
    turbolinks (5.2.1)
      turbolinks-source (~> 5.2)
    turbolinks-source (5.2.0)
    tzinfo (2.0.3)
      concurrent-ruby (~> 1.0)
    webdrivers (4.4.1)
      nokogiri (~> 1.6)
      rubyzip (>= 1.3.0)
      selenium-webdriver (>= 3.0, < 4.0)
    webmock (3.10.0)
      addressable (>= 2.3.6)
      crack (>= 0.3.2)
      hashdiff (>= 0.4.0, < 2.0.0)
    webpacker (5.2.1)
      activesupport (>= 5.2)
      rack-proxy (>= 0.6.1)
      railties (>= 5.2)
      semantic_range (>= 2.3.0)
    websocket-driver (0.7.3)
      websocket-extensions (>= 0.1.0)
    websocket-extensions (0.1.5)
    xpath (3.2.0)
      nokogiri (~> 1.8)
    zeitwerk (2.4.1)

PLATFORMS
  ruby

DEPENDENCIES
  bcrypt
  better_errors
  binding_of_caller
  bootsnap (>= 1.4.2)
  byebug
  capistrano
  capistrano-rails
  capistrano-rvm
  capistrano3-puma
  capybara
  capybara-choices
  combine_pdf
  database_cleaner
  factory_bot_rails
  geocoder
  indefinite_article
  jbuilder
  listen
  numbers_and_words
  omniauth
  omniauth-auth0
  omniauth-rails_csrf_protection
  pdf-inspector
  pdfjs_viewer-rails
  pg
  prawn
  prawn-table
  puma
  pundit
  rack_session_access
  rails (= 6.1rc1)
  remotipart
  rspec-rails
  rspec-retry
  rubyzip
  sassc-rails
  selenium-webdriver
  simplecov
  squid
  turbolinks
  webdrivers
  webmock
  webpacker

RUBY VERSION
   ruby 2.7.2p137

BUNDLED WITH
   2.1.4
